GEM
  remote: https://rubygems.org/
  specs:
    CFPropertyList (2.3.3)
    activesupport (4.2.7.1)
      i18n (~> 0.7)
      json (~> 1.7, >= 1.7.7)
      minitest (~> 5.1)
      thread_safe (~> 0.3, >= 0.3.4)
      tzinfo (~> 1.1)
    addressable (2.4.0)
    aws-sdk (2.6.14)
      aws-sdk-resources (= 2.6.14)
    aws-sdk-core (2.6.14)
      jmespath (~> 1.0)
    aws-sdk-resources (2.6.14)
      aws-sdk-core (= 2.6.14)
    backports (3.6.8)
    carthage_cache (0.5.0)
      aws-sdk (~> 2.0)
      commander (~> 4.3)
    claide (1.0.1)
    clamp (0.6.5)
    colored (1.2)
    commander (4.4.0)
      highline (~> 1.7.2)
    concurrent-ruby (1.1.10)
    connection_pool (2.2.0)
    ethon (0.9.1)
      ffi (>= 1.3.0)
    faraday (0.9.2)
      multipart-post (>= 1.2, < 3)
    faraday_middleware (0.10.0)
      faraday (>= 0.7.4, < 0.10)
    ffi (1.9.14)
    gh (0.14.0)
      addressable
      backports
      faraday (~> 0.8)
      multi_json (~> 1.0)
      net-http-persistent (>= 2.7)
      net-http-pipeline
    highline (1.7.8)
    i18n (0.9.5)
      concurrent-ruby (~> 1.0)
    jmespath (1.3.1)
    json (1.8.3)
    launchy (2.4.3)
      addressable (~> 2.3)
    mini_portile2 (2.1.0)
    minitest (5.9.1)
    multi_json (1.12.1)
    multipart-post (2.0.0)
    nanaimo (0.1.4)
    net-http-persistent (3.0.0)
      connection_pool (~> 2.2)
    net-http-pipeline (1.0.1)
    nokogiri (1.6.8.1)
      mini_portile2 (~> 2.1.0)
    pusher-client (0.6.2)
      json
      websocket (~> 1.0)
    rouge (1.11.1)
    slather (2.3.0)
      activesupport (>= 4.0.2, < 5)
      clamp (~> 0.6)
      nokogiri (~> 1.6.3)
      xcodeproj (>= 0.20, < 2.0.0)
    thread_safe (0.3.5)
    travis (1.8.2)
      backports
      faraday (~> 0.9)
      faraday_middleware (~> 0.9, >= 0.9.1)
      gh (~> 0.13)
      highline (~> 1.6)
      launchy (~> 2.1)
      pusher-client (~> 0.4)
      typhoeus (~> 0.6, >= 0.6.8)
    typhoeus (0.8.0)
      ethon (>= 0.8.0)
    tzinfo (1.2.2)
      thread_safe (~> 0.1)
    websocket (1.2.3)
    xcodeproj (1.4.0)
      CFPropertyList (~> 2.3.3)
      activesupport (>= 3)
      claide (>= 1.0.1, < 2.0)
      colored (~> 1.2)
      nanaimo (~> 0.1.0)
    xcpretty (0.2.4)
      rouge (~> 1.8)
    xcpretty-travis-formatter (0.0.4)
      xcpretty (~> 0.2, >= 0.0.7)

PLATFORMS
  ruby

DEPENDENCIES
  carthage_cache
  slather
  travis
  xcpretty
  xcpretty-travis-formatter

BUNDLED WITH
   1.13.6
